GIT
  remote: https://github.com/ambethia/passiverecord.git
  revision: cdf0747243e9bbf067ab6fea8cc6cc8f860112b1
  specs:
    passiverecord (0.2)

GIT
  remote: https://github.com/raszi/restful-authentication.git
  revision: 0f7d50512bf47a63e53ea05cd5a7b2161732448f
  branch: rails4
  specs:
    restful-authentication (2.0.0.beta1)

GIT
  remote: https://github.com/shanti-uva/dictionary_to_terms.git
  revision: d2d7e92cd6415fb29f54122a145adbb1e8ecbcce
  tag: v0.4.1
  specs:
    dictionary_to_terms (0.4.1)
      rails (>= 5.1.4)

GIT
  remote: https://github.com/shanti-uva/ffi-icu.git
  revision: 6addcb1e54764c999686797cb8c82f494b3c4405
  tag: v0.2.0
  specs:
    ffi-icu (0.2.0)
      ffi (~> 1.0, >= 1.0.9)

GIT
  remote: https://github.com/shanti-uva/flare.git
  revision: 02439efff39e3daed9494b661d5fa19f75761e1e
  tag: v1.2.9
  specs:
    flare (1.2.9)
      activeresource
      daemons
      delayed_job_active_record
      faraday (~> 0.11.0)
      pg
      rails (~> 5.2.4, >= 5.2.4.2)
      rsolr (~> 2.0.0.pre3)

GIT
  remote: https://github.com/shanti-uva/kmaps_engine.git
  revision: 6361cc23b393b90c54256b96fa8da9dc0b5dd6d6
  tag: v5.8.9
  specs:
    kmaps_engine (5.8.9)
      annotate
      bootsnap (>= 1.1.0)
      coffee-rails (~> 4.2)
      exception_notification
      hpricot
      jbuilder (~> 2.5)
      memcache-client
      pg
      puma (~> 3.11)
      rails (~> 5.2.3)
      turbolinks (~> 5)
      uglifier (~> 4.1, >= 4.1.20)
      will_paginate

GIT
  remote: https://github.com/shanti-uva/resource_controller.git
  revision: 54800be42767e071f075257ef2e3bb1bf465f216
  tag: v0.9.2
  specs:
    resource_controller (0.9.2)

GIT
  remote: https://github.com/shanti-uva/shanti_integration.git
  revision: 8e50f90a2f1abcbcecfe89b1c2c20217db3e23f6
  tag: v3.4.8
  specs:
    shanti_integration (3.4.8)
      rails (>= 4.0)

GIT
  remote: https://github.com/shanti-uva/subjects_integration.git
  revision: 32091126943bee10292dfe5898dbf64e44cc5b2a
  tag: v0.2.8
  specs:
    subjects_integration (0.2.8)
      pg
      rails (>= 4.0)

GIT
  remote: https://github.com/shanti-uva/terms_engine.git
  revision: a1d1b1b36160473b4bf0400a7e3fbdfe6c59ffa7
  tag: v0.6.9
  specs:
    terms_engine (0.6.9)

GIT
  remote: https://github.com/thl/active_resource_extensions.git
  revision: 680ab7a611d1ad2b72fe047a39767963b737056b
  tag: v2.2.3
  specs:
    active_resource_extensions (2.2.3)
      activeresource
      hpricot
      rails (>= 4.0)

GIT
  remote: https://github.com/thl/acts_as_family_tree.git
  revision: 901d1e39e80d80089bd4b24cdfac7074bd5e549b
  tag: v1.2.0
  specs:
    acts_as_family_tree (1.2.0)
      rails (>= 4.0)

GIT
  remote: https://github.com/thl/authenticated_system.git
  revision: 2b967632b66bd6c8f786cfb3eabc63065cddd272
  tag: v2.4.0
  specs:
    authenticated_system (2.4.0)
      rails (>= 4.0)

GIT
  remote: https://github.com/thl/complex_dates.git
  revision: b23cf72f394327d19ee5bb8675beeb109c5c3fd7
  tag: v2.3.0
  specs:
    complex_dates (2.3.0)
      pg
      rails (>= 4.0)

GIT
  remote: https://github.com/thl/complex_scripts.git
  revision: b09eeb2a271d3f5e9d4065436c0bd3bcb58dc84b
  tag: v3.1.1
  specs:
    complex_scripts (3.1.1)
      hpricot
      passiverecord (= 0.2)
      rails (>= 4.0)

GIT
  remote: https://github.com/thl/interface_utils.git
  revision: 5839ef5f733a0a5db28b3e9094a42cf787826968
  tag: v2.3.9
  specs:
    interface_utils (2.3.9)
      rails (>= 4.0)

GIT
  remote: https://github.com/thl/mms_integration.git
  revision: 72f580e6d8220396a51044ae4f80a52f8315c5ba
  tag: v2.4.2
  specs:
    mms_integration (2.4.2)
      rails (>= 4.0)

GIT
  remote: https://github.com/thl/places_integration.git
  revision: ce0111c999ba0e58bbb5e6a2c2cde35679231a65
  tag: v2.2.4
  specs:
    places_integration (2.2.4)
      rails (>= 4.0)

GIT
  remote: https://github.com/thl/proxy_engine.git
  revision: 171267f4d9fea6431eb4d2db4efeca66d538c21a
  tag: v2.1.7
  specs:
    proxy_engine (2.1.7)
      rails (>= 4.0)

GIT
  remote: https://github.com/thl/universal_navigation.git
  revision: c5d28e31a0473f38dbc468eff9113cb98b0a227d
  tag: v3.1.3
  specs:
    universal_navigation (3.1.3)
      rails (>= 4.0)

GEM
  remote: https://rubygems.org/
  specs:
    actioncable (5.2.4.3)
      actionpack (= 5.2.4.3)
      nio4r (~> 2.0)
      websocket-driver (>= 0.6.1)
    actionmailer (5.2.4.3)
      actionpack (= 5.2.4.3)
      actionview (= 5.2.4.3)
      activejob (= 5.2.4.3)
      mail (~> 2.5, >= 2.5.4)
      rails-dom-testing (~> 2.0)
    actionpack (5.2.4.3)
      actionview (= 5.2.4.3)
      activesupport (= 5.2.4.3)
      rack (~> 2.0, >= 2.0.8)
      rack-test (>= 0.6.3)
      rails-dom-testing (~> 2.0)
      rails-html-sanitizer (~> 1.0, >= 1.0.2)
    actionpack-action_caching (1.2.1)
      actionpack (>= 4.0.0)
    actionpack-page_caching (1.2.2)
      actionpack (>= 5.0.0)
    actionview (5.2.4.3)
      activesupport (= 5.2.4.3)
      builder (~> 3.1)
      erubi (~> 1.4)
      rails-dom-testing (~> 2.0)
      rails-html-sanitizer (~> 1.0, >= 1.0.3)
    activejob (5.2.4.3)
      activesupport (= 5.2.4.3)
      globalid (>= 0.3.6)
    activemodel (5.2.4.3)
      activesupport (= 5.2.4.3)
    activemodel-serializers-xml (1.0.2)
      activemodel (> 5.x)
      activesupport (> 5.x)
      builder (~> 3.1)
    activerecord (5.2.4.3)
      activemodel (= 5.2.4.3)
      activesupport (= 5.2.4.3)
      arel (>= 9.0)
    activeresource (5.1.1)
      activemodel (>= 5.0, < 7)
      activemodel-serializers-xml (~> 1.0)
      activesupport (>= 5.0, < 7)
    activestorage (5.2.4.3)
      actionpack (= 5.2.4.3)
      activerecord (= 5.2.4.3)
      marcel (~> 0.3.1)
    activesupport (5.2.4.3)
      concurrent-ruby (~> 1.0, >= 1.0.2)
      i18n (>= 0.7, < 2)
      minitest (~> 5.1)
      tzinfo (~> 1.1)
    addressable (2.7.0)
      public_suffix (>= 2.0.2, < 5.0)
    annotate (3.1.1)
      activerecord (>= 3.2, < 7.0)
      rake (>= 10.4, < 14.0)
    archive-zip (0.12.0)
      io-like (~> 0.3.0)
    arel (9.0.0)
    autoprefixer-rails (9.7.6)
      execjs
    bindex (0.8.1)
    bootsnap (1.4.6)
      msgpack (~> 1.0)
    bootstrap-sass (3.3.7)
      autoprefixer-rails (>= 5.2.1)
      sass (>= 3.3.4)
    builder (3.2.4)
    byebug (11.1.3)
    capybara (3.32.2)
      addressable
      mini_mime (>= 0.1.3)
      nokogiri (~> 1.8)
      rack (>= 1.6.0)
      rack-test (>= 0.6.3)
      regexp_parser (~> 1.5)
      xpath (~> 3.2)
    childprocess (3.0.0)
    chromedriver-helper (2.1.1)
      archive-zip (~> 0.10)
      nokogiri (~> 1.8)
    coffee-rails (4.2.2)
      coffee-script (>= 2.2.0)
      railties (>= 4.0.0)
    coffee-script (2.4.1)
      coffee-script-source
      execjs
    coffee-script-source (1.12.2)
    concurrent-ruby (1.1.6)
    crass (1.0.6)
    daemons (1.3.1)
    delayed_job (4.1.8)
      activesupport (>= 3.0, < 6.1)
    delayed_job_active_record (4.1.4)
      activerecord (>= 3.0, < 6.1)
      delayed_job (>= 3.0, < 5)
    dynamic_form (1.1.4)
    erubi (1.9.0)
    exception_notification (4.4.0)
      actionmailer (>= 4.0, < 7)
      activesupport (>= 4.0, < 7)
    execjs (2.7.0)
    faraday (0.11.0)
      multipart-post (>= 1.2, < 3)
    ffi (1.13.1)
    globalid (0.4.2)
      activesupport (>= 4.2.0)
    hpricot (0.8.6)
    i18n (1.8.3)
      concurrent-ruby (~> 1.0)
    io-like (0.3.1)
    jbuilder (2.10.0)
      activesupport (>= 5.0.0)
    jquery-rails (4.4.0)
      rails-dom-testing (>= 1, < 3)
      railties (>= 4.2.0)
      thor (>= 0.14, < 2.0)
    jquery-ui-rails (6.0.1)
      railties (>= 3.2.16)
    listen (3.1.5)
      rb-fsevent (~> 0.9, >= 0.9.4)
      rb-inotify (~> 0.9, >= 0.9.7)
      ruby_dep (~> 1.2)
    loofah (2.5.0)
      crass (~> 1.0.2)
      nokogiri (>= 1.5.9)
    mail (2.7.1)
      mini_mime (>= 0.1.1)
    marcel (0.3.3)
      mimemagic (~> 0.3.2)
    memcache-client (1.8.5)
    method_source (1.0.0)
    mimemagic (0.3.5)
    mini_mime (1.0.2)
    mini_portile2 (2.4.0)
    minitest (5.14.1)
    msgpack (1.3.3)
    multipart-post (2.1.1)
    newrelic_rpm (6.11.0.365)
    nio4r (2.5.2)
    nokogiri (1.10.9)
      mini_portile2 (~> 2.4.0)
    open_id_authentication (1.3.0)
      rack-openid (~> 1.3)
    pg (1.2.3)
    public_suffix (4.0.5)
    puma (3.12.6)
    rack (2.2.2)
    rack-openid (1.4.2)
      rack (>= 1.1.0)
      ruby-openid (>= 2.1.8)
    rack-test (1.1.0)
      rack (>= 1.0, < 3)
    rails (5.2.4.3)
      actioncable (= 5.2.4.3)
      actionmailer (= 5.2.4.3)
      actionpack (= 5.2.4.3)
      actionview (= 5.2.4.3)
      activejob (= 5.2.4.3)
      activemodel (= 5.2.4.3)
      activerecord (= 5.2.4.3)
      activestorage (= 5.2.4.3)
      activesupport (= 5.2.4.3)
      bundler (>= 1.3.0)
      railties (= 5.2.4.3)
      sprockets-rails (>= 2.0.0)
    rails-dom-testing (2.0.3)
      activesupport (>= 4.2.0)
      nokogiri (>= 1.6)
    rails-html-sanitizer (1.3.0)
      loofah (~> 2.3)
    rails-observers (0.1.5)
      activemodel (>= 4.0)
    railties (5.2.4.3)
      actionpack (= 5.2.4.3)
      activesupport (= 5.2.4.3)
      method_source
      rake (>= 0.8.7)
      thor (>= 0.19.0, < 2.0)
    rake (13.0.1)
    rb-fsevent (0.10.4)
    rb-inotify (0.10.1)
      ffi (~> 1.0)
    regexp_parser (1.7.1)
    rsolr (2.0.2)
      builder (>= 2.1.2)
      faraday
    ruby-openid (2.9.2)
    ruby_dep (1.5.0)
    rubyzip (2.3.0)
    sass (3.7.4)
      sass-listen (~> 4.0.0)
    sass-listen (4.0.0)
      rb-fsevent (~> 0.9, >= 0.9.4)
      rb-inotify (~> 0.9, >= 0.9.7)
    sass-rails (5.0.7)
      railties (>= 4.0.0, < 6)
      sass (~> 3.1)
      sprockets (>= 2.8, < 4.0)
      sprockets-rails (>= 2.0, < 4.0)
      tilt (>= 1.1, < 3)
    selenium-webdriver (3.142.7)
      childprocess (>= 0.5, < 4.0)
      rubyzip (>= 1.2.2)
    spawnling (2.1.6)
    spring (2.0.2)
      activesupport (>= 4.2)
    spring-watcher-listen (2.0.1)
      listen (>= 2.7, < 4.0)
      spring (>= 1.2, < 3.0)
    sprockets (3.7.2)
      concurrent-ruby (~> 1.0)
      rack (> 1, < 3)
    sprockets-rails (3.2.1)
      actionpack (>= 4.0)
      activesupport (>= 4.0)
      sprockets (>= 3.0.0)
    thor (1.0.1)
    thread_safe (0.3.6)
    tilt (2.0.10)
    tinymce-rails (5.3.2)
      railties (>= 3.1.1)
    turbolinks (5.2.1)
      turbolinks-source (~> 5.2)
    turbolinks-source (5.2.0)
    tzinfo (1.2.7)
      thread_safe (~> 0.1)
    uglifier (4.2.0)
      execjs (>= 0.3.0, < 3)
    web-console (3.7.0)
      actionview (>= 5.0)
      activemodel (>= 5.0)
      bindex (>= 0.4.0)
      railties (>= 5.0)
    websocket-driver (0.7.2)
      websocket-extensions (>= 0.1.0)
    websocket-extensions (0.1.5)
    will_paginate (3.3.0)
    xpath (3.2.0)
      nokogiri (~> 1.8)

PLATFORMS
  ruby

DEPENDENCIES
  actionpack-action_caching
  actionpack-page_caching
  active_resource_extensions (= 2.2.3)!
  activeresource
  acts_as_family_tree (= 1.2.0)!
  authenticated_system (= 2.4.0)!
  bootstrap-sass (= 3.3.7)
  byebug
  capybara (>= 2.15)
  chromedriver-helper
  complex_dates (= 2.3.0)!
  complex_scripts (= 3.1.1)!
  delayed_job_active_record
  dictionary_to_terms (= 0.4.1)!
  dynamic_form
  ffi-icu (= 0.2.0)!
  flare (= 1.2.9)!
  hpricot
  interface_utils (= 2.3.9)!
  jbuilder
  jquery-rails
  jquery-ui-rails
  kmaps_engine (= 5.8.9)!
  listen (>= 3.0.5, < 3.2)
  mms_integration (= 2.4.2)!
  newrelic_rpm
  open_id_authentication
  passiverecord (= 0.2)!
  places_integration (= 2.2.4)!
  proxy_engine (= 2.1.7)!
  rack-openid
  rails (~> 5.2.3)
  rails-observers
  resource_controller (= 0.9.2)!
  restful-authentication (= 2.0.0.beta1)!
  sass-rails (= 5.0.7)
  selenium-webdriver
  shanti_integration (= 3.4.8)!
  spawnling
  spring (~> 2.0.2)
  spring-watcher-listen (~> 2.0.0)
  subjects_integration (= 0.2.8)!
  terms_engine (= 0.6.9)!
  tinymce-rails
  tzinfo-data
  universal_navigation (= 3.1.3)!
  web-console (>= 3.3.0)
  will_paginate

BUNDLED WITH
   2.1.4
