GIT
  remote: https://github.com/raszi/restful-authentication.git
  revision: 0f7d50512bf47a63e53ea05cd5a7b2161732448f
  branch: rails4
  specs:
    restful-authentication (2.0.0.beta1)

GIT
  remote: https://github.com/shanti-uva/dictionary_to_terms.git
  revision: aa82e19d5f4a64ffc333e15c5464e7e9ecd96b1d
  tag: v0.4.1
  specs:
    dictionary_to_terms (0.4.1)
      rails (>= 5.1.4)

GIT
  remote: https://github.com/shanti-uva/ffi-icu.git
  revision: 6addcb1e54764c999686797cb8c82f494b3c4405
  tag: v0.2.0
  specs:
    ffi-icu (0.2.0)
      ffi (~> 1.0, >= 1.0.9)

GIT
  remote: https://github.com/shanti-uva/flare.git
  revision: ae9bbc1cc49da9dfacc586128d31014252399fd9
  tag: v1.3.5
  specs:
    flare (1.3.5)
      activeresource
      daemons
      delayed_job_active_record
      faraday (~> 0.11.0)
      pg
      rails (~> 5.2.4)
      rsolr (~> 2.0.0.pre3)

GIT
  remote: https://github.com/shanti-uva/kmaps_engine.git
  revision: 1af182aacaffe16407a95905f844f784c1fde0c5
  tag: v6.3.9
  specs:
    kmaps_engine (6.3.9)
      annotate
      bootsnap (>= 1.1.0)
      coffee-rails (~> 4.2)
      exception_notification
      hpricot
      jbuilder (~> 2.5)
      memcache-client
      pg
      puma (>= 3.11)
      rails (~> 5.2.3)
      turbolinks (~> 5)
      uglifier (~> 4.1, >= 4.1.20)
      will_paginate

GIT
  remote: https://github.com/shanti-uva/resource_controller.git
  revision: 54800be42767e071f075257ef2e3bb1bf465f216
  tag: v0.9.2
  specs:
    resource_controller (0.9.2)

GIT
  remote: https://github.com/shanti-uva/shanti_integration.git
  revision: ec3418efaa21ccba7462ae815955ec57c67b9aff
  tag: v3.5.5
  specs:
    shanti_integration (3.5.5)
      rails (>= 4.0)

GIT
  remote: https://github.com/shanti-uva/subjects_integration.git
  revision: 0b2dc59d0b182ff5b640408127d57e4fd5bfee12
  tag: v0.3.0
  specs:
    subjects_integration (0.3.0)
      pg
      rails (>= 4.0)

GIT
  remote: https://github.com/shanti-uva/terms_engine.git
  revision: ecd27244da318ec7a96534683ea19acf185d81eb
  tag: v0.9.7
  specs:
    terms_engine (0.9.7)

GIT
  remote: https://github.com/thl/active_resource_extensions.git
  revision: 9376fac04bfea16d2a635eac30dd4c3821c34d3e
  tag: v2.2.4
  specs:
    active_resource_extensions (2.2.4)
      activeresource
      hpricot
      rails (>= 4.0)

GIT
  remote: https://github.com/thl/acts_as_family_tree.git
  revision: 1c4ebf37a75e88af81f43e4c60c6c4aa54e4bc7e
  tag: v1.2.1
  specs:
    acts_as_family_tree (1.2.1)
      rails (>= 4.0)

GIT
  remote: https://github.com/thl/authenticated_system.git
  revision: 00206c6cb528f1574234e6034cc1debc45ec58e7
  tag: v2.4.0
  specs:
    authenticated_system (2.4.0)
      rails (>= 4.0)

GIT
  remote: https://github.com/thl/complex_dates.git
  revision: ded33097751aa7c9a8edf53dbacb61d37e32520e
  tag: v2.3.5
  specs:
    complex_dates (2.3.5)
      pg
      rails (>= 5.0)

GIT
  remote: https://github.com/thl/complex_scripts.git
  revision: 1707cd251605f244f82e76118e379db35416df6e
  tag: v3.1.2
  specs:
    complex_scripts (3.1.2)
      hpricot
      rails (>= 4.0)

GIT
  remote: https://github.com/thl/interface_utils.git
  revision: a8c9c7c2440bfb548eec668851b8b1a0710b0d37
  tag: v2.3.9
  specs:
    interface_utils (2.3.9)
      rails (>= 4.0)

GIT
  remote: https://github.com/thl/mms_integration.git
  revision: 572df0318ba823fbfb86c81e840d965b1f45dfe7
  branch: without-local
  specs:
    mms_integration (2.4.4)
      rails (>= 4.0)

GIT
  remote: https://github.com/thl/places_integration.git
  revision: 99806ca7e013172c14a940e5b0e7470d6bf9dd7d
  tag: v2.2.4
  specs:
    places_integration (2.2.4)
      rails (>= 4.0)

GIT
  remote: https://github.com/thl/universal_navigation.git
  revision: 1190f5d4d08207677deb6ee62c32cece798c4158
  tag: v3.1.3
  specs:
    universal_navigation (3.1.3)
      rails (>= 4.0)

GEM
  remote: https://rubygems.org/
  specs:
    actioncable (5.2.7)
      actionpack (= 5.2.7)
      nio4r (~> 2.0)
      websocket-driver (>= 0.6.1)
    actionmailer (5.2.7)
      actionpack (= 5.2.7)
      actionview (= 5.2.7)
      activejob (= 5.2.7)
      mail (~> 2.5, >= 2.5.4)
      rails-dom-testing (~> 2.0)
    actionpack (5.2.7)
      actionview (= 5.2.7)
      activesupport (= 5.2.7)
      rack (~> 2.0, >= 2.0.8)
      rack-test (>= 0.6.3)
      rails-dom-testing (~> 2.0)
      rails-html-sanitizer (~> 1.0, >= 1.0.2)
    actionpack-action_caching (1.2.1)
      actionpack (>= 4.0.0)
    actionpack-page_caching (1.2.3)
      actionpack (>= 5.0.0)
    actionview (5.2.7)
      activesupport (= 5.2.7)
      builder (~> 3.1)
      erubi (~> 1.4)
      rails-dom-testing (~> 2.0)
      rails-html-sanitizer (~> 1.0, >= 1.0.3)
    activejob (5.2.7)
      activesupport (= 5.2.7)
      globalid (>= 0.3.6)
    activemodel (5.2.7)
      activesupport (= 5.2.7)
    activemodel-serializers-xml (1.0.2)
      activemodel (> 5.x)
      activesupport (> 5.x)
      builder (~> 3.1)
    activerecord (5.2.7)
      activemodel (= 5.2.7)
      activesupport (= 5.2.7)
      arel (>= 9.0)
    activeresource (5.1.1)
      activemodel (>= 5.0, < 7)
      activemodel-serializers-xml (~> 1.0)
      activesupport (>= 5.0, < 7)
    activestorage (5.2.7)
      actionpack (= 5.2.7)
      activerecord (= 5.2.7)
      marcel (~> 1.0.0)
    activesupport (5.2.7)
      concurrent-ruby (~> 1.0, >= 1.0.2)
      i18n (>= 0.7, < 2)
      minitest (~> 5.1)
      tzinfo (~> 1.1)
    addressable (2.8.0)
      public_suffix (>= 2.0.2, < 5.0)
    annotate (3.2.0)
      activerecord (>= 3.2, < 8.0)
      rake (>= 10.4, < 14.0)
    archive-zip (0.12.0)
      io-like (~> 0.3.0)
    arel (9.0.0)
    autoprefixer-rails (9.7.6)
      execjs
    bindex (0.8.1)
    bootsnap (1.12.0)
      msgpack (~> 1.2)
    bootstrap-sass (3.4.1)
      autoprefixer-rails (>= 5.2.1)
      sassc (>= 2.0.0)
    builder (3.2.4)
    byebug (11.1.3)
    capybara (3.32.2)
      addressable
      mini_mime (>= 0.1.3)
      nokogiri (~> 1.8)
      rack (>= 1.6.0)
      rack-test (>= 0.6.3)
      regexp_parser (~> 1.5)
      xpath (~> 3.2)
    childprocess (3.0.0)
    chromedriver-helper (2.1.1)
      archive-zip (~> 0.10)
      nokogiri (~> 1.8)
    coffee-rails (4.2.2)
      coffee-script (>= 2.2.0)
      railties (>= 4.0.0)
    coffee-script (2.4.1)
      coffee-script-source
      execjs
    coffee-script-source (1.12.2)
    concurrent-ruby (1.1.10)
    crass (1.0.6)
    daemons (1.4.1)
    delayed_job (4.1.8)
      activesupport (>= 3.0, < 6.1)
    delayed_job_active_record (4.1.4)
      activerecord (>= 3.0, < 6.1)
      delayed_job (>= 3.0, < 5)
    dynamic_form (1.1.4)
    erubi (1.10.0)
    exception_notification (4.5.0)
      actionmailer (>= 5.2, < 8)
      activesupport (>= 5.2, < 8)
    execjs (2.7.0)
    faraday (0.11.0)
      multipart-post (>= 1.2, < 3)
    ffi (1.15.4)
    globalid (1.0.0)
      activesupport (>= 5.0)
    hpricot (0.8.6)
    i18n (1.10.0)
      concurrent-ruby (~> 1.0)
    io-like (0.3.1)
    jbuilder (2.10.0)
      activesupport (>= 5.0.0)
    jquery-rails (4.4.0)
      rails-dom-testing (>= 1, < 3)
      railties (>= 4.2.0)
      thor (>= 0.14, < 2.0)
    jquery-ui-rails (6.0.1)
      railties (>= 3.2.16)
    listen (3.1.5)
      rb-fsevent (~> 0.9, >= 0.9.4)
      rb-inotify (~> 0.9, >= 0.9.7)
      ruby_dep (~> 1.2)
    loofah (2.16.0)
      crass (~> 1.0.2)
      nokogiri (>= 1.5.9)
    mail (2.7.1)
      mini_mime (>= 0.1.1)
    marcel (1.0.2)
    memcache-client (1.8.5)
    method_source (1.0.0)
    mini_mime (1.1.2)
    mini_portile2 (2.8.0)
    minitest (5.15.0)
    msgpack (1.5.2)
    multipart-post (2.2.0)
    newrelic_rpm (6.11.0.365)
    nio4r (2.5.8)
    nokogiri (1.13.3)
      mini_portile2 (~> 2.8.0)
      racc (~> 1.4)
    open_id_authentication (1.3.0)
      rack-openid (~> 1.3)
    pg (1.2.3)
    public_suffix (4.0.6)
    puma (5.6.4)
      nio4r (~> 2.0)
    racc (1.6.0)
    rack (2.2.3)
    rack-openid (1.4.2)
      rack (>= 1.1.0)
      ruby-openid (>= 2.1.8)
    rack-test (1.1.0)
      rack (>= 1.0, < 3)
    rails (5.2.7)
      actioncable (= 5.2.7)
      actionmailer (= 5.2.7)
      actionpack (= 5.2.7)
      actionview (= 5.2.7)
      activejob (= 5.2.7)
      activemodel (= 5.2.7)
      activerecord (= 5.2.7)
      activestorage (= 5.2.7)
      activesupport (= 5.2.7)
      bundler (>= 1.3.0)
      railties (= 5.2.7)
      sprockets-rails (>= 2.0.0)
    rails-dom-testing (2.0.3)
      activesupport (>= 4.2.0)
      nokogiri (>= 1.6)
    rails-html-sanitizer (1.4.2)
      loofah (~> 2.3)
    rails-observers (0.1.5)
      activemodel (>= 4.0)
    railties (5.2.7)
      actionpack (= 5.2.7)
      activesupport (= 5.2.7)
      method_source
      rake (>= 0.8.7)
      thor (>= 0.19.0, < 2.0)
    rake (13.0.6)
    rb-fsevent (0.10.4)
    rb-inotify (0.10.1)
      ffi (~> 1.0)
    regexp_parser (1.7.1)
    rsolr (2.0.2)
      builder (>= 2.1.2)
      faraday
    ruby-openid (2.9.2)
    ruby_dep (1.5.0)
    rubyzip (2.3.0)
    sass (3.7.4)
      sass-listen (~> 4.0.0)
    sass-listen (4.0.0)
      rb-fsevent (~> 0.9, >= 0.9.4)
      rb-inotify (~> 0.9, >= 0.9.7)
    sass-rails (5.0.7)
      railties (>= 4.0.0, < 6)
      sass (~> 3.1)
      sprockets (>= 2.8, < 4.0)
      sprockets-rails (>= 2.0, < 4.0)
      tilt (>= 1.1, < 3)
    sassc (2.4.0)
      ffi (~> 1.9)
    selenium-webdriver (3.142.7)
      childprocess (>= 0.5, < 4.0)
      rubyzip (>= 1.2.2)
    spawnling (2.1.6)
    spring (2.0.2)
      activesupport (>= 4.2)
    spring-watcher-listen (2.0.1)
      listen (>= 2.7, < 4.0)
      spring (>= 1.2, < 3.0)
    sprockets (3.7.2)
      concurrent-ruby (~> 1.0)
      rack (> 1, < 3)
    sprockets-rails (3.4.2)
      actionpack (>= 5.2)
      activesupport (>= 5.2)
      sprockets (>= 3.0.0)
    thor (1.2.1)
    thread_safe (0.3.6)
    tilt (2.0.10)
    tinymce-rails (5.10.0)
      railties (>= 3.1.1)
    turbolinks (5.2.1)
      turbolinks-source (~> 5.2)
    turbolinks-source (5.2.0)
    tzinfo (1.2.9)
      thread_safe (~> 0.1)
    uglifier (4.2.0)
      execjs (>= 0.3.0, < 3)
    web-console (3.7.0)
      actionview (>= 5.0)
      activemodel (>= 5.0)
      bindex (>= 0.4.0)
      railties (>= 5.0)
    websocket-driver (0.7.5)
      websocket-extensions (>= 0.1.0)
    websocket-extensions (0.1.5)
    will_paginate (3.3.0)
    xpath (3.2.0)
      nokogiri (~> 1.8)

PLATFORMS
  ruby

DEPENDENCIES
  actionpack-action_caching
  actionpack-page_caching
  active_resource_extensions (= 2.2.4)!
  activeresource
  acts_as_family_tree (= 1.2.1)!
  authenticated_system (= 2.4.0)!
  bootstrap-sass (>= 3.4.1)
  byebug
  capybara (>= 2.15)
  chromedriver-helper
  complex_dates (= 2.3.5)!
  complex_scripts (= 3.1.2)!
  delayed_job_active_record
  dictionary_to_terms (= 0.4.1)!
  dynamic_form
  ffi-icu (= 0.2.0)!
  flare (= 1.3.5)!
  hpricot
  interface_utils (= 2.3.9)!
  jbuilder
  jquery-rails
  jquery-ui-rails
  kmaps_engine (= 6.3.9)!
  listen (>= 3.0.5, < 3.2)
  mms_integration (= 2.4.4)!
  newrelic_rpm
  open_id_authentication
  places_integration (= 2.2.4)!
  rack-openid
  rails (~> 5.2.3)
  rails-observers
  resource_controller (= 0.9.2)!
  restful-authentication (= 2.0.0.beta1)!
  sass-rails (= 5.0.7)
  selenium-webdriver
  shanti_integration (= 3.5.5)!
  spawnling
  spring (~> 2.0.2)
  spring-watcher-listen (~> 2.0.0)
  subjects_integration (= 0.3.0)!
  terms_engine (= 0.9.7)!
  tinymce-rails
  tzinfo-data
  universal_navigation (= 3.1.3)!
  web-console (>= 3.3.0)
  will_paginate

BUNDLED WITH
   1.17.3
