GIT
  remote: https://github.com/ambethia/passiverecord.git
  revision: cdf0747243e9bbf067ab6fea8cc6cc8f860112b1
  specs:
    passiverecord (0.2)

GIT
  remote: https://github.com/raszi/restful-authentication.git
  revision: 0f7d50512bf47a63e53ea05cd5a7b2161732448f
  branch: rails4
  specs:
    restful-authentication (2.0.0.beta1)

GIT
  remote: https://github.com/shanti-uva/dictionary_to_terms.git
  revision: d9e78db43ae2e716ce556ff716e51fe8a03539c1
  tag: v0.1.9
  specs:
    dictionary_to_terms (0.1.9)
      rails (~> 5.1.4)

GIT
  remote: https://github.com/shanti-uva/flare.git
  revision: 6d6a7e117a176f8f5c743c65c15241b35547922e
  tag: v1.2.1
  specs:
    flare (1.2.1)
      faraday (~> 0.11.0)
      rails (>= 4.0)
      rsolr (~> 2.0.0.pre3)

GIT
  remote: https://github.com/shanti-uva/kmaps_engine.git
  revision: 926af8477194b1ccd5875fbbb8a24bff7fd76034
  tag: v5.1.4
  specs:
    kmaps_engine (5.1.4)
      annotate
      coffee-rails (~> 4.2)
      exception_notification
      hpricot
      jbuilder (~> 2.5)
      memcache-client
      pg (~> 0.18)
      puma (~> 3.7)
      rails (>= 4.0)
      turbolinks (~> 5)
      uglifier (>= 1.3.0)
      will_paginate

GIT
  remote: https://github.com/shanti-uva/resource_controller.git
  revision: 54800be42767e071f075257ef2e3bb1bf465f216
  tag: v0.9.2
  specs:
    resource_controller (0.9.2)

GIT
  remote: https://github.com/shanti-uva/shanti_integration.git
  revision: 0773208faf7aa3d424548d8c5589052bde462a4c
  tag: v3.4.1
  specs:
    shanti_integration (3.4.1)
      rails (>= 4.0)

GIT
  remote: https://github.com/shanti-uva/subjects_integration.git
  revision: 80ec506bc1ecb74f22b85f8f06f4fdc48a3a36e3
  tag: v0.2.2
  specs:
    subjects_integration (0.2.2)
      pg (~> 0.15)
      rails (>= 4.0)

GIT
  remote: https://github.com/shanti-uva/terms_engine.git
  revision: a9b29f988080d379659d59b5cf83b4dd1d11968a
  tag: v0.2.1
  specs:
    terms_engine (0.2.1)
      rails (>= 5.1.4)

GIT
  remote: https://github.com/thl/active_resource_extensions.git
  revision: ba098c7939d19c04bb8e4d5fe14610fe0bc76073
  tag: v2.2.0
  specs:
    active_resource_extensions (2.2.0)
      activeresource
      hpricot
      rails (>= 4.0)

GIT
  remote: https://github.com/thl/acts_as_family_tree.git
  revision: 93231fd487fafe35936fe62f2109067fedd8605d
  tag: v1.1.9
  specs:
    acts_as_family_tree (1.1.9)
      rails (>= 4.0)

GIT
  remote: https://github.com/thl/authenticated_system.git
  revision: a2cf08808e67a71c8d53c6fc5ceca837936a620b
  tag: v2.3.8
  specs:
    authenticated_system (2.3.8)
      rails (>= 4.0)

GIT
  remote: https://github.com/thl/complex_dates.git
  revision: 8f7470089417776ea9820028ecde07dcb40b6c91
  tag: v2.2.6
  specs:
    complex_dates (2.2.6)
      rails (>= 4.0)

GIT
  remote: https://github.com/thl/complex_scripts.git
  revision: 57dd78b8e6fa6c558a34d610aba25f2e2b711fc4
  tag: v3.0.6
  specs:
    complex_scripts (3.0.6)
      hpricot
      passiverecord (= 0.2)
      rails (>= 4.0)

GIT
  remote: https://github.com/thl/interface_utils.git
  revision: 06b4455010929390d642993d6829416150df7301
  tag: v2.3.7
  specs:
    interface_utils (2.3.7)
      rails (>= 4.0)

GIT
  remote: https://github.com/thl/mms_integration.git
  revision: dde4ddc0b7616fab1619a72ce1d99ae13a0dfcef
  tag: v2.3.5
  specs:
    mms_integration (2.3.5)
      rails (>= 4.0)

GIT
  remote: https://github.com/thl/places_integration.git
  revision: e9305ee67301145dd5c08a033ffdd07458c8ec1c
  tag: v2.1.9
  specs:
    places_integration (2.1.9)
      rails (>= 4.0)

GIT
  remote: https://github.com/thl/proxy_engine.git
  revision: 7b032964ef34b578162210d352b197da86fb53cc
  tag: v2.1.6
  specs:
    proxy_engine (2.1.6)
      rails (>= 4.0)

GIT
  remote: https://github.com/thl/universal_navigation.git
  revision: b7e520825ffd677498e8f7def76184ea99c535c2
  tag: v3.1.2
  specs:
    universal_navigation (3.1.2)
      rails (>= 4.0)

GEM
  remote: https://rubygems.org/
  specs:
    actioncable (5.1.4)
      actionpack (= 5.1.4)
      nio4r (~> 2.0)
      websocket-driver (~> 0.6.1)
    actionmailer (5.1.4)
      actionpack (= 5.1.4)
      actionview (= 5.1.4)
      activejob (= 5.1.4)
      mail (~> 2.5, >= 2.5.4)
      rails-dom-testing (~> 2.0)
    actionpack (5.1.4)
      actionview (= 5.1.4)
      activesupport (= 5.1.4)
      rack (~> 2.0)
      rack-test (>= 0.6.3)
      rails-dom-testing (~> 2.0)
      rails-html-sanitizer (~> 1.0, >= 1.0.2)
    actionpack-action_caching (1.2.0)
      actionpack (>= 4.0.0, < 6)
    actionpack-page_caching (1.1.0)
      actionpack (>= 4.0.0, < 6)
    actionview (5.1.4)
      activesupport (= 5.1.4)
      builder (~> 3.1)
      erubi (~> 1.4)
      rails-dom-testing (~> 2.0)
      rails-html-sanitizer (~> 1.0, >= 1.0.3)
    activejob (5.1.4)
      activesupport (= 5.1.4)
      globalid (>= 0.3.6)
    activemodel (5.1.4)
      activesupport (= 5.1.4)
    activemodel-serializers-xml (1.0.2)
      activemodel (> 5.x)
      activesupport (> 5.x)
      builder (~> 3.1)
    activerecord (5.1.4)
      activemodel (= 5.1.4)
      activesupport (= 5.1.4)
      arel (~> 8.0)
    activeresource (5.0.0)
      activemodel (>= 5.0, < 6)
      activemodel-serializers-xml (~> 1.0)
      activesupport (>= 5.0, < 6)
    activesupport (5.1.4)
      concurrent-ruby (~> 1.0, >= 1.0.2)
      i18n (~> 0.7)
      minitest (~> 5.1)
      tzinfo (~> 1.1)
    addressable (2.5.2)
      public_suffix (>= 2.0.2, < 4.0)
    annotate (2.7.3)
      activerecord (>= 3.2, < 6.0)
      rake (>= 10.4, < 13.0)
    arel (8.0.0)
    autoprefixer-rails (7.2.3)
      execjs
    bindex (0.5.0)
    bootstrap-sass (3.3.7)
      autoprefixer-rails (>= 5.2.1)
      sass (>= 3.3.4)
    builder (3.2.3)
    byebug (9.1.0)
    capybara (2.16.1)
      addressable
      mini_mime (>= 0.1.3)
      nokogiri (>= 1.3.3)
      rack (>= 1.0.0)
      rack-test (>= 0.5.4)
      xpath (~> 2.0)
    childprocess (0.8.0)
      ffi (~> 1.0, >= 1.0.11)
    coffee-rails (4.2.2)
      coffee-script (>= 2.2.0)
      railties (>= 4.0.0)
    coffee-script (2.4.1)
      coffee-script-source
      execjs
    coffee-script-source (1.12.2)
    concurrent-ruby (1.0.5)
    crass (1.0.3)
    dynamic_form (1.1.4)
    erubi (1.7.0)
    exception_notification (4.2.2)
      actionmailer (>= 4.0, < 6)
      activesupport (>= 4.0, < 6)
    execjs (2.7.0)
    faraday (0.11.0)
      multipart-post (>= 1.2, < 3)
    ffi (1.9.18)
    globalid (0.4.1)
      activesupport (>= 4.2.0)
    hpricot (0.8.6)
    i18n (0.9.1)
      concurrent-ruby (~> 1.0)
    jbuilder (2.7.0)
      activesupport (>= 4.2.0)
      multi_json (>= 1.2)
    jquery-rails (4.3.1)
      rails-dom-testing (>= 1, < 3)
      railties (>= 4.2.0)
      thor (>= 0.14, < 2.0)
    jquery-ui-rails (6.0.1)
      railties (>= 3.2.16)
    libv8 (3.16.14.19)
    listen (3.1.5)
      rb-fsevent (~> 0.9, >= 0.9.4)
      rb-inotify (~> 0.9, >= 0.9.7)
      ruby_dep (~> 1.2)
    loofah (2.1.1)
      crass (~> 1.0.2)
      nokogiri (>= 1.5.9)
    mail (2.7.0)
      mini_mime (>= 0.1.1)
    memcache-client (1.8.5)
    method_source (0.9.0)
    mini_mime (1.0.0)
    mini_portile2 (2.3.0)
    minitest (5.10.3)
    multi_json (1.12.2)
    multipart-post (2.0.0)
    newrelic_rpm (4.7.1.340)
    nio4r (2.1.0)
    nokogiri (1.8.1)
      mini_portile2 (~> 2.3.0)
    open_id_authentication (1.3.0)
      rack-openid (~> 1.3)
    pg (0.21.0)
    public_suffix (3.0.1)
    puma (3.11.4)
    rack (2.0.3)
    rack-openid (1.4.2)
      rack (>= 1.1.0)
      ruby-openid (>= 2.1.8)
    rack-test (0.8.2)
      rack (>= 1.0, < 3)
    rails (5.1.4)
      actioncable (= 5.1.4)
      actionmailer (= 5.1.4)
      actionpack (= 5.1.4)
      actionview (= 5.1.4)
      activejob (= 5.1.4)
      activemodel (= 5.1.4)
      activerecord (= 5.1.4)
      activesupport (= 5.1.4)
      bundler (>= 1.3.0)
      railties (= 5.1.4)
      sprockets-rails (>= 2.0.0)
    rails-dom-testing (2.0.3)
      activesupport (>= 4.2.0)
      nokogiri (>= 1.6)
    rails-html-sanitizer (1.0.3)
      loofah (~> 2.0)
    rails-observers (0.1.5)
      activemodel (>= 4.0)
    railties (5.1.4)
      actionpack (= 5.1.4)
      activesupport (= 5.1.4)
      method_source
      rake (>= 0.8.7)
      thor (>= 0.18.1, < 2.0)
    rake (12.3.0)
    rb-fsevent (0.10.2)
    rb-inotify (0.9.10)
      ffi (>= 0.5.0, < 2)
    ref (2.0.0)
    rsolr (2.0.2)
      builder (>= 2.1.2)
      faraday
    ruby-openid (2.7.0)
    ruby_dep (1.5.0)
    rubyzip (1.2.1)
    sass (3.5.4)
      sass-listen (~> 4.0.0)
    sass-listen (4.0.0)
      rb-fsevent (~> 0.9, >= 0.9.4)
      rb-inotify (~> 0.9, >= 0.9.7)
    sass-rails (5.0.7)
      railties (>= 4.0.0, < 6)
      sass (~> 3.1)
      sprockets (>= 2.8, < 4.0)
      sprockets-rails (>= 2.0, < 4.0)
      tilt (>= 1.1, < 3)
    selenium-webdriver (3.8.0)
      childprocess (~> 0.5)
      rubyzip (~> 1.0)
    spawnling (2.1.6)
    spring (2.0.2)
      activesupport (>= 4.2)
    spring-watcher-listen (2.0.1)
      listen (>= 2.7, < 4.0)
      spring (>= 1.2, < 3.0)
    sprockets (3.7.1)
      concurrent-ruby (~> 1.0)
      rack (> 1, < 3)
    sprockets-rails (3.2.1)
      actionpack (>= 4.0)
      activesupport (>= 4.0)
      sprockets (>= 3.0.0)
    therubyracer (0.12.3)
      libv8 (~> 3.16.14.15)
      ref
    thor (0.20.0)
    thread_safe (0.3.6)
    tilt (2.0.8)
    tinymce-rails (4.7.4)
      railties (>= 3.1.1)
    turbolinks (5.1.1)
      turbolinks-source (~> 5.1)
    turbolinks-source (5.1.0)
    tzinfo (1.2.4)
      thread_safe (~> 0.1)
    uglifier (4.1.10)
      execjs (>= 0.3.0, < 3)
    web-console (3.5.1)
      actionview (>= 5.0)
      activemodel (>= 5.0)
      bindex (>= 0.4.0)
      railties (>= 5.0)
    websocket-driver (0.6.5)
      websocket-extensions (>= 0.1.0)
    websocket-extensions (0.1.3)
    will_paginate (3.1.6)
    xpath (2.1.0)
      nokogiri (~> 1.3)

PLATFORMS
  ruby

DEPENDENCIES
  actionpack-action_caching
  actionpack-page_caching
  active_resource_extensions (= 2.2.0)!
  activeresource
  acts_as_family_tree (= 1.1.9)!
  authenticated_system (= 2.3.8)!
  bootstrap-sass (~> 3.3.5)
  byebug
  capybara (~> 2.13)
  complex_dates (= 2.2.6)!
  complex_scripts (= 3.0.6)!
  dictionary_to_terms (= 0.1.9)!
  dynamic_form
  flare (= 1.2.1)!
  hpricot
  interface_utils (= 2.3.7)!
  jbuilder
  jquery-rails
  jquery-ui-rails
  kmaps_engine (= 5.1.4)!
  listen (>= 3.0.5, < 3.2)
  mms_integration (= 2.3.5)!
  newrelic_rpm
  open_id_authentication
  passiverecord (= 0.2)!
  places_integration (= 2.1.9)!
  proxy_engine (= 2.1.6)!
  rack-openid
  rails (~> 5.1.4)
  rails-observers
  resource_controller (= 0.9.2)!
  restful-authentication (= 2.0.0.beta1)!
  sass-rails (~> 5.0)
  selenium-webdriver
  shanti_integration (= 3.4.1)!
  spawnling
  spring
  spring-watcher-listen (~> 2.0.0)
  subjects_integration (= 0.2.2)!
  terms_engine (= 0.2.1)!
  therubyracer
  tinymce-rails
  tzinfo-data
  universal_navigation (= 3.1.2)!
  web-console (>= 3.3.0)
  will_paginate

BUNDLED WITH
   1.16.0
