GIT
  remote: https://github.com/ambethia/passiverecord.git
  revision: cdf0747243e9bbf067ab6fea8cc6cc8f860112b1
  specs:
    passiverecord (0.2)

GIT
  remote: https://github.com/raszi/restful-authentication.git
  revision: 0f7d50512bf47a63e53ea05cd5a7b2161732448f
  branch: rails4
  specs:
    restful-authentication (2.0.0.beta1)

GIT
  remote: https://github.com/shanti-uva/dictionary_to_terms.git
  revision: ffc87df14c5b81cdcd49ebad6b2503de62705f86
  tag: v0.3.9
  specs:
    dictionary_to_terms (0.3.9)
      rails (>= 5.1.4)

GIT
  remote: https://github.com/shanti-uva/ffi-icu.git
  revision: 6addcb1e54764c999686797cb8c82f494b3c4405
  tag: v0.2.0
  specs:
    ffi-icu (0.2.0)
      ffi (~> 1.0, >= 1.0.9)

GIT
  remote: https://github.com/shanti-uva/flare.git
  revision: fabf42b8fd1708400f33bf06bb606c49b8624cc6
  tag: v1.2.6
  specs:
    flare (1.2.6)
      activeresource
      daemons
      delayed_job_active_record
      faraday (~> 0.11.0)
      pg
      rails (~> 5.2.4, >= 5.2.4.2)
      rsolr (~> 2.0.0.pre3)

GIT
  remote: https://github.com/shanti-uva/kmaps_engine.git
  revision: c964de02191c7ac4df17c39a95feba3910a49cff
  tag: v5.8.7
  specs:
    kmaps_engine (5.8.7)
      annotate
      bootsnap (>= 1.1.0)
      coffee-rails (~> 4.2)
      exception_notification
      hpricot
      jbuilder (~> 2.5)
      memcache-client
      pg
      puma (~> 3.11)
      rails (~> 5.2.3)
      turbolinks (~> 5)
      uglifier (~> 4.1, >= 4.1.20)
      will_paginate

GIT
  remote: https://github.com/shanti-uva/resource_controller.git
  revision: 54800be42767e071f075257ef2e3bb1bf465f216
  tag: v0.9.2
  specs:
    resource_controller (0.9.2)

GIT
  remote: https://github.com/shanti-uva/shanti_integration.git
  revision: 3c1ec2ef91ac456cc139da508fd52f98416da727
  tag: v3.4.6
  specs:
    shanti_integration (3.4.6)
      rails (>= 4.0)

GIT
  remote: https://github.com/shanti-uva/subjects_integration.git
  revision: 339aa8aa315b1c37f71b7083b93188e5c05de846
  tag: v0.2.7
  specs:
    subjects_integration (0.2.7)
      pg
      rails (>= 4.0)

GIT
  remote: https://github.com/shanti-uva/terms_engine.git
  revision: 75dd2f748532627b43192a91718356315eb751bd
  tag: v0.6.7
  specs:
    terms_engine (0.6.7)

GIT
  remote: https://github.com/thl/active_resource_extensions.git
  revision: ba098c7939d19c04bb8e4d5fe14610fe0bc76073
  tag: v2.2.0
  specs:
    active_resource_extensions (2.2.0)
      activeresource
      hpricot
      rails (>= 4.0)

GIT
  remote: https://github.com/thl/acts_as_family_tree.git
  revision: 93231fd487fafe35936fe62f2109067fedd8605d
  tag: v1.1.9
  specs:
    acts_as_family_tree (1.1.9)
      rails (>= 4.0)

GIT
  remote: https://github.com/thl/authenticated_system.git
  revision: 8e9c8e3b9cb7a87a3b94c853ca918eb7fbc3a0a4
  tag: v2.3.9
  specs:
    authenticated_system (2.3.9)
      rails (>= 4.0)

GIT
  remote: https://github.com/thl/complex_dates.git
  revision: e0065a824afa2c4e9052b193f888dec7e3b65c85
  tag: v2.2.9
  specs:
    complex_dates (2.2.9)
      pg
      rails (>= 4.0)

GIT
  remote: https://github.com/thl/complex_scripts.git
  revision: 08b75ddc131703fbc4e743386b465fa19a3ee7a3
  tag: v3.1.0
  specs:
    complex_scripts (3.1.0)
      hpricot
      passiverecord (= 0.2)
      rails (>= 4.0)

GIT
  remote: https://github.com/thl/interface_utils.git
  revision: 93c973c42c40ddda156baacbbc2680aabc9f25b6
  tag: v2.3.8
  specs:
    interface_utils (2.3.8)
      rails (>= 4.0)

GIT
  remote: https://github.com/thl/mms_integration.git
  revision: 99b91a3f71e684ebb2f178caed374cf0ed93d766
  tag: v2.3.8
  specs:
    mms_integration (2.3.8)
      rails (>= 4.0)

GIT
  remote: https://github.com/thl/places_integration.git
  revision: eec1acc44512bffc86d7d778f6393b4ef2d92650
  tag: v2.2.1
  specs:
    places_integration (2.2.1)
      rails (>= 4.0)

GIT
  remote: https://github.com/thl/proxy_engine.git
  revision: 7b032964ef34b578162210d352b197da86fb53cc
  tag: v2.1.6
  specs:
    proxy_engine (2.1.6)
      rails (>= 4.0)

GIT
  remote: https://github.com/thl/universal_navigation.git
  revision: b7e520825ffd677498e8f7def76184ea99c535c2
  tag: v3.1.2
  specs:
    universal_navigation (3.1.2)
      rails (>= 4.0)

GEM
  remote: https://rubygems.org/
  specs:
    actioncable (5.2.4.2)
      actionpack (= 5.2.4.2)
      nio4r (~> 2.0)
      websocket-driver (>= 0.6.1)
    actionmailer (5.2.4.2)
      actionpack (= 5.2.4.2)
      actionview (= 5.2.4.2)
      activejob (= 5.2.4.2)
      mail (~> 2.5, >= 2.5.4)
      rails-dom-testing (~> 2.0)
    actionpack (5.2.4.2)
      actionview (= 5.2.4.2)
      activesupport (= 5.2.4.2)
      rack (~> 2.0, >= 2.0.8)
      rack-test (>= 0.6.3)
      rails-dom-testing (~> 2.0)
      rails-html-sanitizer (~> 1.0, >= 1.0.2)
    actionpack-action_caching (1.2.1)
      actionpack (>= 4.0.0)
    actionpack-page_caching (1.1.1)
      actionpack (>= 4.0.0, < 6)
    actionview (5.2.4.2)
      activesupport (= 5.2.4.2)
      builder (~> 3.1)
      erubi (~> 1.4)
      rails-dom-testing (~> 2.0)
      rails-html-sanitizer (~> 1.0, >= 1.0.3)
    activejob (5.2.4.2)
      activesupport (= 5.2.4.2)
      globalid (>= 0.3.6)
    activemodel (5.2.4.2)
      activesupport (= 5.2.4.2)
    activemodel-serializers-xml (1.0.2)
      activemodel (> 5.x)
      activesupport (> 5.x)
      builder (~> 3.1)
    activerecord (5.2.4.2)
      activemodel (= 5.2.4.2)
      activesupport (= 5.2.4.2)
      arel (>= 9.0)
    activeresource (5.1.0)
      activemodel (>= 5.0, < 7)
      activemodel-serializers-xml (~> 1.0)
      activesupport (>= 5.0, < 7)
    activestorage (5.2.4.2)
      actionpack (= 5.2.4.2)
      activerecord (= 5.2.4.2)
      marcel (~> 0.3.1)
    activesupport (5.2.4.2)
      concurrent-ruby (~> 1.0, >= 1.0.2)
      i18n (>= 0.7, < 2)
      minitest (~> 5.1)
      tzinfo (~> 1.1)
    addressable (2.7.0)
      public_suffix (>= 2.0.2, < 5.0)
    annotate (3.1.1)
      activerecord (>= 3.2, < 7.0)
      rake (>= 10.4, < 14.0)
    archive-zip (0.12.0)
      io-like (~> 0.3.0)
    arel (9.0.0)
    autoprefixer-rails (9.7.2)
      execjs
    bindex (0.8.1)
    bootsnap (1.4.6)
      msgpack (~> 1.0)
    bootstrap-sass (3.3.7)
      autoprefixer-rails (>= 5.2.1)
      sass (>= 3.3.4)
    builder (3.2.4)
    byebug (11.0.1)
    capybara (2.18.0)
      addressable
      mini_mime (>= 0.1.3)
      nokogiri (>= 1.3.3)
      rack (>= 1.0.0)
      rack-test (>= 0.5.4)
      xpath (>= 2.0, < 4.0)
    childprocess (3.0.0)
    chromedriver-helper (2.1.1)
      archive-zip (~> 0.10)
      nokogiri (~> 1.8)
    coffee-rails (4.2.2)
      coffee-script (>= 2.2.0)
      railties (>= 4.0.0)
    coffee-script (2.4.1)
      coffee-script-source
      execjs
    coffee-script-source (1.12.2)
    concurrent-ruby (1.1.6)
    crass (1.0.6)
    daemons (1.3.1)
    delayed_job (4.1.8)
      activesupport (>= 3.0, < 6.1)
    delayed_job_active_record (4.1.4)
      activerecord (>= 3.0, < 6.1)
      delayed_job (>= 3.0, < 5)
    dynamic_form (1.1.4)
    erubi (1.9.0)
    exception_notification (4.4.0)
      actionmailer (>= 4.0, < 7)
      activesupport (>= 4.0, < 7)
    execjs (2.7.0)
    faraday (0.11.0)
      multipart-post (>= 1.2, < 3)
    ffi (1.11.3)
    globalid (0.4.2)
      activesupport (>= 4.2.0)
    hpricot (0.8.6)
    i18n (1.8.2)
      concurrent-ruby (~> 1.0)
    io-like (0.3.0)
    jbuilder (2.9.1)
      activesupport (>= 4.2.0)
    jquery-rails (4.3.5)
      rails-dom-testing (>= 1, < 3)
      railties (>= 4.2.0)
      thor (>= 0.14, < 2.0)
    jquery-ui-rails (6.0.1)
      railties (>= 3.2.16)
    listen (3.1.5)
      rb-fsevent (~> 0.9, >= 0.9.4)
      rb-inotify (~> 0.9, >= 0.9.7)
      ruby_dep (~> 1.2)
    loofah (2.5.0)
      crass (~> 1.0.2)
      nokogiri (>= 1.5.9)
    mail (2.7.1)
      mini_mime (>= 0.1.1)
    marcel (0.3.3)
      mimemagic (~> 0.3.2)
    memcache-client (1.8.5)
    method_source (1.0.0)
    mimemagic (0.3.5)
    mini_mime (1.0.2)
    mini_portile2 (2.4.0)
    minitest (5.14.0)
    msgpack (1.3.3)
    multipart-post (2.1.1)
    newrelic_rpm (6.7.0.359)
    nio4r (2.5.2)
    nokogiri (1.10.9)
      mini_portile2 (~> 2.4.0)
    open_id_authentication (1.3.0)
      rack-openid (~> 1.3)
    pg (1.2.3)
    public_suffix (4.0.1)
    puma (3.12.5)
    rack (2.2.2)
    rack-openid (1.4.2)
      rack (>= 1.1.0)
      ruby-openid (>= 2.1.8)
    rack-test (1.1.0)
      rack (>= 1.0, < 3)
    rails (5.2.4.2)
      actioncable (= 5.2.4.2)
      actionmailer (= 5.2.4.2)
      actionpack (= 5.2.4.2)
      actionview (= 5.2.4.2)
      activejob (= 5.2.4.2)
      activemodel (= 5.2.4.2)
      activerecord (= 5.2.4.2)
      activestorage (= 5.2.4.2)
      activesupport (= 5.2.4.2)
      bundler (>= 1.3.0)
      railties (= 5.2.4.2)
      sprockets-rails (>= 2.0.0)
    rails-dom-testing (2.0.3)
      activesupport (>= 4.2.0)
      nokogiri (>= 1.6)
    rails-html-sanitizer (1.3.0)
      loofah (~> 2.3)
    rails-observers (0.1.5)
      activemodel (>= 4.0)
    railties (5.2.4.2)
      actionpack (= 5.2.4.2)
      activesupport (= 5.2.4.2)
      method_source
      rake (>= 0.8.7)
      thor (>= 0.19.0, < 2.0)
    rake (13.0.1)
    rb-fsevent (0.10.3)
    rb-inotify (0.10.0)
      ffi (~> 1.0)
    rsolr (2.0.2)
      builder (>= 2.1.2)
      faraday
    ruby-openid (2.9.2)
    ruby_dep (1.5.0)
    rubyzip (1.3.0)
    sass (3.7.4)
      sass-listen (~> 4.0.0)
    sass-listen (4.0.0)
      rb-fsevent (~> 0.9, >= 0.9.4)
      rb-inotify (~> 0.9, >= 0.9.7)
    sass-rails (5.0.7)
      railties (>= 4.0.0, < 6)
      sass (~> 3.1)
      sprockets (>= 2.8, < 4.0)
      sprockets-rails (>= 2.0, < 4.0)
      tilt (>= 1.1, < 3)
    selenium-webdriver (3.142.6)
      childprocess (>= 0.5, < 4.0)
      rubyzip (>= 1.2.2)
    spawnling (2.1.6)
    spring (2.0.2)
      activesupport (>= 4.2)
    spring-watcher-listen (2.0.1)
      listen (>= 2.7, < 4.0)
      spring (>= 1.2, < 3.0)
    sprockets (3.7.2)
      concurrent-ruby (~> 1.0)
      rack (> 1, < 3)
    sprockets-rails (3.2.1)
      actionpack (>= 4.0)
      activesupport (>= 4.0)
      sprockets (>= 3.0.0)
    thor (1.0.1)
    thread_safe (0.3.6)
    tilt (2.0.10)
    tinymce-rails (5.1.2)
      railties (>= 3.1.1)
    turbolinks (5.2.1)
      turbolinks-source (~> 5.2)
    turbolinks-source (5.2.0)
    tzinfo (1.2.7)
      thread_safe (~> 0.1)
    uglifier (4.2.0)
      execjs (>= 0.3.0, < 3)
    web-console (3.7.0)
      actionview (>= 5.0)
      activemodel (>= 5.0)
      bindex (>= 0.4.0)
      railties (>= 5.0)
    websocket-driver (0.7.1)
      websocket-extensions (>= 0.1.0)
    websocket-extensions (0.1.4)
    will_paginate (3.2.1)
    xpath (3.2.0)
      nokogiri (~> 1.8)

PLATFORMS
  ruby

DEPENDENCIES
  actionpack-action_caching
  actionpack-page_caching
  active_resource_extensions (= 2.2.0)!
  activeresource
  acts_as_family_tree (= 1.1.9)!
  authenticated_system (= 2.3.9)!
  bootstrap-sass (= 3.3.7)
  byebug
  capybara (>= 2.15)
  chromedriver-helper
  complex_dates (= 2.2.9)!
  complex_scripts (= 3.1.0)!
  delayed_job_active_record
  dictionary_to_terms (= 0.3.9)!
  dynamic_form
  ffi-icu (= 0.2.0)!
  flare (= 1.2.6)!
  hpricot
  interface_utils (= 2.3.8)!
  jbuilder
  jquery-rails
  jquery-ui-rails
  kmaps_engine (= 5.8.7)!
  listen (>= 3.0.5, < 3.2)
  mms_integration (= 2.3.8)!
  newrelic_rpm
  open_id_authentication
  passiverecord (= 0.2)!
  places_integration (= 2.2.1)!
  proxy_engine (= 2.1.6)!
  rack-openid
  rails (~> 5.2.3)
  rails-observers
  resource_controller (= 0.9.2)!
  restful-authentication (= 2.0.0.beta1)!
  sass-rails (= 5.0.7)
  selenium-webdriver
  shanti_integration (= 3.4.6)!
  spawnling
  spring (~> 2.0.2)
  spring-watcher-listen (~> 2.0.0)
  subjects_integration (= 0.2.7)!
  terms_engine (= 0.6.7)!
  tinymce-rails
  tzinfo-data
  universal_navigation (= 3.1.2)!
  web-console (>= 3.3.0)
  will_paginate

BUNDLED WITH
   1.17.3
