GIT
  remote: https://github.com/rails/actionpack-action_caching.git
  revision: 05c821ec84eb79760e95b0a57ae72919eefb0257
  specs:
    actionpack-action_caching (1.2.2)
      actionpack (>= 4.0.0)

GIT
  remote: https://github.com/rails/rails-observers.git
  revision: 389b577322d8b17336730b2dc4e179060a23c8e7
  specs:
    rails-observers (0.2.0)
      activemodel (>= 4.2)

GIT
  remote: https://github.com/raszi/restful-authentication.git
  revision: 0f7d50512bf47a63e53ea05cd5a7b2161732448f
  branch: rails4
  specs:
    restful-authentication (2.0.0.beta1)

GIT
  remote: https://github.com/shanti-uva/dictionary_to_terms.git
  revision: aa82e19d5f4a64ffc333e15c5464e7e9ecd96b1d
  tag: v0.4.1
  specs:
    dictionary_to_terms (0.4.1)
      rails (>= 5.1.4)

GIT
  remote: https://github.com/shanti-uva/ffi-icu.git
  revision: 44872e421f58f11da1c3ca290534f9b809c6c37f
  tag: v0.2.1
  specs:
    ffi-icu (0.2.1)
      ffi (~> 1.0, >= 1.0.9)

GIT
  remote: https://github.com/shanti-uva/flare.git
  revision: a236faafc9565c5941999656505908c6f44ddcd1
  tag: v1.3.9
  specs:
    flare (1.3.9)
      activeresource
      daemons
      delayed_job_active_record
      faraday
      pg
      rails
      rsolr (~> 2.0.0.pre3)

GIT
  remote: https://github.com/shanti-uva/kmaps_engine.git
  revision: 2e779058d1fe52703adf2988f3befa44971284a5
  tag: v6.5.6
  specs:
    kmaps_engine (6.5.6)
      annotate
      bootsnap
      exception_notification
      hpricot
      jbuilder
      memcache-client
      pg
      puma (>= 5.0)
      rails
      will_paginate

GIT
  remote: https://github.com/shanti-uva/resource_controller.git
  revision: 109fda476cb8c50e2ee42638a6ad59457b734b13
  tag: v0.9.3
  specs:
    resource_controller (0.9.3)

GIT
  remote: https://github.com/shanti-uva/shanti_integration.git
  revision: 2a3c133de7379e6f2bee3daae0d4969b94eeeeff
  tag: v3.6.0
  specs:
    shanti_integration (3.6.0)
      rails (>= 4.0)

GIT
  remote: https://github.com/shanti-uva/subjects_integration.git
  revision: eec4b27dab7f3b7a6f3cea41482c667b37fdd1de
  tag: v0.3.3
  specs:
    subjects_integration (0.3.3)
      pg
      rails (>= 4.0)

GIT
  remote: https://github.com/shanti-uva/terms_engine.git
  revision: 2c26d7157762ddc1652762fe39ede1a09beeb9b3
  tag: v1.2.8
  specs:
    terms_engine (1.2.8)

GIT
  remote: https://github.com/thl/active_resource_extensions.git
  revision: 31855ac77b6a408e7f10ae660645105c6cfb9e0c
  tag: v2.2.5
  specs:
    active_resource_extensions (2.2.5)
      activeresource
      hpricot
      rails

GIT
  remote: https://github.com/thl/acts_as_family_tree.git
  revision: 11a52e307b2bd8a44394bd82d4ca02ffc1ff05ef
  tag: v1.2.2
  specs:
    acts_as_family_tree (1.2.2)
      rails (>= 4.0)

GIT
  remote: https://github.com/thl/authenticated_system.git
  revision: 3e95470f83180d25dba71972929166515df59331
  tag: v2.4.2
  specs:
    authenticated_system (2.4.2)
      rails (>= 4.0)

GIT
  remote: https://github.com/thl/complex_dates.git
  revision: 01a198053d17869a204ac8c1e1888d82d7739837
  tag: v2.3.7
  specs:
    complex_dates (2.3.7)
      pg
      rails (>= 5.0)

GIT
  remote: https://github.com/thl/complex_scripts.git
  revision: ecbe160a4d5b9929904736c6c6d55d6db4312554
  tag: v3.1.4
  specs:
    complex_scripts (3.1.4)
      hpricot
      rails (>= 4.0)

GIT
  remote: https://github.com/thl/interface_utils.git
  revision: 3ba84263df7ec8b63a67783e5e36eacf735f33ff
  tag: v2.4.1
  specs:
    interface_utils (2.4.1)
      rails (>= 4.0)

GIT
  remote: https://github.com/thl/mms_integration.git
  revision: 96d745d93ffd71b00c0dc1881d2dccc47df580c1
  tag: v2.4.5
  specs:
    mms_integration (2.4.5)
      rails (>= 4.0)

GIT
  remote: https://github.com/thl/places_integration.git
  revision: 99806ca7e013172c14a940e5b0e7470d6bf9dd7d
  tag: v2.2.4
  specs:
    places_integration (2.2.4)
      rails (>= 4.0)

GIT
  remote: https://github.com/thl/universal_navigation.git
  revision: 1190f5d4d08207677deb6ee62c32cece798c4158
  tag: v3.1.3
  specs:
    universal_navigation (3.1.3)
      rails (>= 4.0)

GEM
  remote: https://rubygems.org/
  specs:
    actioncable (7.1.1)
      actionpack (= 7.1.1)
      activesupport (= 7.1.1)
      nio4r (~> 2.0)
      websocket-driver (>= 0.6.1)
      zeitwerk (~> 2.6)
    actionmailbox (7.1.1)
      actionpack (= 7.1.1)
      activejob (= 7.1.1)
      activerecord (= 7.1.1)
      activestorage (= 7.1.1)
      activesupport (= 7.1.1)
      mail (>= 2.7.1)
      net-imap
      net-pop
      net-smtp
    actionmailer (7.1.1)
      actionpack (= 7.1.1)
      actionview (= 7.1.1)
      activejob (= 7.1.1)
      activesupport (= 7.1.1)
      mail (~> 2.5, >= 2.5.4)
      net-imap
      net-pop
      net-smtp
      rails-dom-testing (~> 2.2)
    actionpack (7.1.1)
      actionview (= 7.1.1)
      activesupport (= 7.1.1)
      nokogiri (>= 1.8.5)
      rack (>= 2.2.4)
      rack-session (>= 1.0.1)
      rack-test (>= 0.6.3)
      rails-dom-testing (~> 2.2)
      rails-html-sanitizer (~> 1.6)
    actionpack-page_caching (1.2.4)
      actionpack (>= 4.0.0)
    actiontext (7.1.1)
      actionpack (= 7.1.1)
      activerecord (= 7.1.1)
      activestorage (= 7.1.1)
      activesupport (= 7.1.1)
      globalid (>= 0.6.0)
      nokogiri (>= 1.8.5)
    actionview (7.1.1)
      activesupport (= 7.1.1)
      builder (~> 3.1)
      erubi (~> 1.11)
      rails-dom-testing (~> 2.2)
      rails-html-sanitizer (~> 1.6)
    activejob (7.1.1)
      activesupport (= 7.1.1)
      globalid (>= 0.3.6)
    activemodel (7.1.1)
      activesupport (= 7.1.1)
    activemodel-serializers-xml (1.0.2)
      activemodel (> 5.x)
      activesupport (> 5.x)
      builder (~> 3.1)
    activerecord (7.1.1)
      activemodel (= 7.1.1)
      activesupport (= 7.1.1)
      timeout (>= 0.4.0)
    activeresource (6.0.0)
      activemodel (>= 6.0)
      activemodel-serializers-xml (~> 1.0)
      activesupport (>= 6.0)
    activestorage (7.1.1)
      actionpack (= 7.1.1)
      activejob (= 7.1.1)
      activerecord (= 7.1.1)
      activesupport (= 7.1.1)
      marcel (~> 1.0)
    activesupport (7.1.1)
      base64
      bigdecimal
      concurrent-ruby (~> 1.0, >= 1.0.2)
      connection_pool (>= 2.2.5)
      drb
      i18n (>= 1.6, < 2)
      minitest (>= 5.1)
      mutex_m
      tzinfo (~> 2.0)
    addressable (2.8.5)
      public_suffix (>= 2.0.2, < 6.0)
    annotate (3.2.0)
      activerecord (>= 3.2, < 8.0)
      rake (>= 10.4, < 14.0)
    autoprefixer-rails (10.4.15.0)
      execjs (~> 2)
    base64 (0.2.0)
    bigdecimal (3.1.4)
    bindex (0.8.1)
    bootsnap (1.17.0)
      msgpack (~> 1.2)
    bootstrap-sass (3.4.1)
      autoprefixer-rails (>= 5.2.1)
      sassc (>= 2.0.0)
    builder (3.2.4)
    capybara (3.39.2)
      addressable
      matrix
      mini_mime (>= 0.1.3)
      nokogiri (~> 1.8)
      rack (>= 1.6.0)
      rack-test (>= 0.6.3)
      regexp_parser (>= 1.5, < 3.0)
      xpath (~> 3.2)
    concurrent-ruby (1.2.2)
    connection_pool (2.4.1)
    crass (1.0.6)
    daemons (1.4.1)
    date (3.3.4)
    debug (1.8.0)
      irb (>= 1.5.0)
      reline (>= 0.3.1)
    delayed_job (4.1.11)
      activesupport (>= 3.0, < 8.0)
    delayed_job_active_record (4.1.8)
      activerecord (>= 3.0, < 8.0)
      delayed_job (>= 3.0, < 5)
    drb (2.2.0)
      ruby2_keywords
    dynamic_form (1.3.0)
      actionview (> 5.2.0)
      activemodel (> 5.2.0)
    erubi (1.12.0)
    exception_notification (4.5.0)
      actionmailer (>= 5.2, < 8)
      activesupport (>= 5.2, < 8)
    execjs (2.9.1)
    faraday (2.7.11)
      base64
      faraday-net_http (>= 2.0, < 3.1)
      ruby2_keywords (>= 0.0.4)
    faraday-net_http (3.0.2)
    ffi (1.16.3)
    globalid (1.2.1)
      activesupport (>= 6.1)
    hpricot (0.8.6)
    i18n (1.14.1)
      concurrent-ruby (~> 1.0)
    io-console (0.6.0)
    irb (1.8.3)
      rdoc
      reline (>= 0.3.8)
    jbuilder (2.11.5)
      actionview (>= 5.0.0)
      activesupport (>= 5.0.0)
    jquery-rails (4.6.0)
      rails-dom-testing (>= 1, < 3)
      railties (>= 4.2.0)
      thor (>= 0.14, < 2.0)
    jquery-ui-rails (6.0.1)
      railties (>= 3.2.16)
    loofah (2.21.4)
      crass (~> 1.0.2)
      nokogiri (>= 1.12.0)
    mail (2.8.1)
      mini_mime (>= 0.1.1)
      net-imap
      net-pop
      net-smtp
    marcel (1.0.2)
    matrix (0.4.2)
    memcache-client (1.8.5)
    mini_mime (1.1.5)
    mini_portile2 (2.8.5)
    minitest (5.20.0)
    msgpack (1.7.2)
    mutex_m (0.2.0)
    net-imap (0.4.4)
      date
      net-protocol
    net-pop (0.1.2)
      net-protocol
    net-protocol (0.2.2)
      timeout
    net-smtp (0.4.0)
      net-protocol
    newrelic_rpm (9.6.0)
      base64
    nio4r (2.5.9)
    nokogiri (1.15.4)
      mini_portile2 (~> 2.8.2)
      racc (~> 1.4)
    pg (1.5.4)
    psych (5.1.1.1)
      stringio
    public_suffix (5.0.3)
    puma (6.4.0)
      nio4r (~> 2.0)
    racc (1.7.3)
    rack (3.0.8)
    rack-openid (1.4.2)
      rack (>= 1.1.0)
      ruby-openid (>= 2.1.8)
    rack-proxy (0.7.7)
      rack
    rack-session (2.0.0)
      rack (>= 3.0.0)
    rack-test (2.1.0)
      rack (>= 1.3)
    rackup (2.1.0)
      rack (>= 3)
      webrick (~> 1.8)
    rails (7.1.1)
      actioncable (= 7.1.1)
      actionmailbox (= 7.1.1)
      actionmailer (= 7.1.1)
      actionpack (= 7.1.1)
      actiontext (= 7.1.1)
      actionview (= 7.1.1)
      activejob (= 7.1.1)
      activemodel (= 7.1.1)
      activerecord (= 7.1.1)
      activestorage (= 7.1.1)
      activesupport (= 7.1.1)
      bundler (>= 1.15.0)
      railties (= 7.1.1)
    rails-dom-testing (2.2.0)
      activesupport (>= 5.0.0)
      minitest
      nokogiri (>= 1.6)
    rails-html-sanitizer (1.6.0)
      loofah (~> 2.21)
      nokogiri (~> 1.14)
    railties (7.1.1)
      actionpack (= 7.1.1)
      activesupport (= 7.1.1)
      irb
      rackup (>= 1.0.0)
      rake (>= 12.2)
      thor (~> 1.0, >= 1.2.2)
      zeitwerk (~> 2.6)
    rake (13.1.0)
    rdoc (6.6.0)
      psych (>= 4.0.0)
    regexp_parser (2.8.2)
    reline (0.4.0)
      io-console (~> 0.5)
    rexml (3.2.6)
    rsolr (2.0.2)
      builder (>= 2.1.2)
      faraday
    ruby-openid (2.9.2)
    ruby2_keywords (0.0.5)
    rubyzip (2.3.2)
    sass-rails (6.0.0)
      sassc-rails (~> 2.1, >= 2.1.1)
    sassc (2.4.0)
      ffi (~> 1.9)
    sassc-rails (2.1.2)
      railties (>= 4.0.0)
      sassc (>= 2.0)
      sprockets (> 3.0)
      sprockets-rails
      tilt
    selenium-webdriver (4.9.0)
      rexml (~> 3.2, >= 3.2.5)
      rubyzip (>= 1.2.2, < 3.0)
      websocket (~> 1.0)
    semantic_range (3.0.0)
    spawnling (2.1.6)
    sprockets (4.2.1)
      concurrent-ruby (~> 1.0)
      rack (>= 2.2.4, < 4)
    sprockets-rails (3.4.2)
      actionpack (>= 5.2)
      activesupport (>= 5.2)
      sprockets (>= 3.0.0)
    stringio (3.0.8)
    thor (1.3.0)
    tilt (2.3.0)
    timeout (0.4.1)
    tinymce-rails (6.7.2)
      railties (>= 3.1.1)
    tzinfo (2.0.6)
      concurrent-ruby (~> 1.0)
    web-console (4.2.1)
      actionview (>= 6.0.0)
      activemodel (>= 6.0.0)
      bindex (>= 0.4.0)
      railties (>= 6.0.0)
    webdrivers (5.3.1)
      nokogiri (~> 1.6)
      rubyzip (>= 1.3.0)
      selenium-webdriver (~> 4.0, < 4.11)
    webpacker (5.4.4)
      activesupport (>= 5.2)
      rack-proxy (>= 0.6.1)
      railties (>= 5.2)
      semantic_range (>= 2.3.0)
    webrick (1.8.1)
    websocket (1.2.10)
    websocket-driver (0.7.6)
      websocket-extensions (>= 0.1.0)
    websocket-extensions (0.1.5)
    will_paginate (4.0.0)
    xpath (3.2.0)
      nokogiri (~> 1.8)
    zeitwerk (2.6.12)

PLATFORMS
  ruby

DEPENDENCIES
  actionpack-action_caching!
  actionpack-page_caching
  active_resource_extensions (= 2.2.5)!
  activeresource
  acts_as_family_tree (= 1.2.2)!
  authenticated_system (= 2.4.2)!
  bootstrap-sass
  capybara
  complex_dates (= 2.3.7)!
  complex_scripts (= 3.1.4)!
  debug
  delayed_job_active_record
  dictionary_to_terms (= 0.4.1)!
  dynamic_form
  ffi-icu (= 0.2.1)!
  flare (= 1.3.9)!
  hpricot
  interface_utils (= 2.4.1)!
  jquery-rails
  jquery-ui-rails
  kmaps_engine (= 6.5.6)!
  mms_integration (= 2.4.5)!
  newrelic_rpm
  places_integration (= 2.2.4)!
  rack-openid
  rails (~> 7.1.1)
  rails-observers!
  resource_controller (= 0.9.3)!
  restful-authentication (= 2.0.0.beta1)!
  sass-rails
  selenium-webdriver
  shanti_integration (= 3.6.0)!
  spawnling
  subjects_integration (= 0.3.3)!
  terms_engine (= 1.2.8)!
  tinymce-rails
  tzinfo-data
  universal_navigation (= 3.1.3)!
  web-console
  webdrivers
  webpacker
  will_paginate

BUNDLED WITH
   2.4.21
