GIT
  remote: https://github.com/jquery-ui-rails/jquery-ui-rails.git
  revision: 413265e81f790f795239e07e7e25e01429b2f18d
  tag: v7.0.0
  specs:
    jquery-ui-rails (7.0.0)
      railties (>= 3.2.16)

GIT
  remote: https://github.com/rails/actionpack-action_caching.git
  revision: 05c821ec84eb79760e95b0a57ae72919eefb0257
  specs:
    actionpack-action_caching (1.2.2)
      actionpack (>= 4.0.0)

GIT
  remote: https://github.com/rails/rails-observers.git
  revision: 389b577322d8b17336730b2dc4e179060a23c8e7
  specs:
    rails-observers (0.2.0)
      activemodel (>= 4.2)

GIT
  remote: https://github.com/raszi/restful-authentication.git
  revision: 0f7d50512bf47a63e53ea05cd5a7b2161732448f
  branch: rails4
  specs:
    restful-authentication (2.0.0.beta1)

GIT
  remote: https://github.com/shanti-uva/dictionary_to_terms.git
  revision: 827905d46c571be0c2b8d6d43d47c6f299f140b1
  tag: v0.4.2
  specs:
    dictionary_to_terms (0.4.2)
      rails (>= 5.1.4)

GIT
  remote: https://github.com/shanti-uva/ffi-icu.git
  revision: 7ed5cb0bf5877e13fa4d8de5caeb34aeb3bf5420
  tag: v0.5.4
  specs:
    ffi-icu (0.5.4)
      bigdecimal (~> 3.1)
      ffi (~> 1.0, >= 1.0.9)
      stringio (~> 3.0)

GIT
  remote: https://github.com/shanti-uva/flare.git
  revision: b0653a919d66ec968d4f2703581d10534ee08cfb
  tag: v1.4.5
  specs:
    flare (1.4.5)
      activeresource
      daemons
      delayed_job_active_record
      faraday
      pg
      rails
      rsolr (~> 2.0.0.pre3)

GIT
  remote: https://github.com/shanti-uva/kmaps_engine.git
  revision: b8ead534e965c48efe72b0070a865e174123d12b
  tag: v6.9.1
  specs:
    kmaps_engine (6.9.1)
      annotate
      bootsnap
      delayed_job_active_record
      exception_notification
      hpricot
      jbuilder
      memcache-client
      pg
      puma
      rails (~> 7.1.0)
      will_paginate

GIT
  remote: https://github.com/shanti-uva/resource_controller.git
  revision: 9fb10dc63385fea154258f3072fbcc5bb273158f
  tag: v0.9.5
  specs:
    resource_controller (0.9.5)

GIT
  remote: https://github.com/shanti-uva/shanti_integration.git
  revision: d011978d8b48cd48a0ce80cf810d5187a01dec9f
  tag: v3.6.7
  specs:
    shanti_integration (3.6.7)
      rails

GIT
  remote: https://github.com/shanti-uva/subjects_integration.git
  revision: c0904071513e02d4aab59eb9bf7b92346213609f
  tag: v0.3.4
  specs:
    subjects_integration (0.3.4)
      pg
      rails

GIT
  remote: https://github.com/shanti-uva/terms_engine.git
  revision: 57c2610d9e1ad1a7a867e96ac86cbc526ee30565
  tag: v1.9.2
  specs:
    terms_engine (1.9.2)
      ruby-openai
      sprockets-rails

GIT
  remote: https://github.com/thl/active_resource_extensions.git
  revision: ac49ce195c23720c15ff68b9b4c0b19b06b22080
  tag: v2.2.7
  specs:
    active_resource_extensions (2.2.7)
      activeresource
      hpricot
      rails

GIT
  remote: https://github.com/thl/acts_as_family_tree.git
  revision: 7d1afe7e4c89140fd6493af88a9a1ecb6b38a0a1
  tag: v1.2.8
  specs:
    acts_as_family_tree (1.2.8)
      delayed_job_active_record
      rails

GIT
  remote: https://github.com/thl/authenticated_system.git
  revision: 5bdc0a98ca26abe48d36ae9ad2dac95b10f8269f
  tag: v2.4.6
  specs:
    authenticated_system (2.4.6)
      rails

GIT
  remote: https://github.com/thl/complex_dates.git
  revision: 4d04be6850a1a1ca8a7201f2e9d24a608a15c62b
  tag: v2.4.3
  specs:
    complex_dates (2.4.3)
      pg
      rails

GIT
  remote: https://github.com/thl/complex_scripts.git
  revision: c92e3f8640764fbda28c98403ce3047874e49433
  tag: v3.2.3
  specs:
    complex_scripts (3.2.3)
      hpricot
      rails (~> 7.1.0)

GIT
  remote: https://github.com/thl/interface_utils.git
  revision: 9c5f14c346925121618afa838b944ad87a9555f7
  tag: v2.4.3
  specs:
    interface_utils (2.4.3)
      rails

GIT
  remote: https://github.com/thl/mms_integration.git
  revision: 74229da9982532e88762398155daeb17585d6116
  tag: v2.4.6
  specs:
    mms_integration (2.4.6)
      rails (>= 4.0)

GIT
  remote: https://github.com/thl/places_integration.git
  revision: 02d8a2f93ab6bbdf1ce1d1789a01d8456a146732
  tag: v2.2.8
  specs:
    places_integration (2.2.8)
      rails

GIT
  remote: https://github.com/thl/universal_navigation.git
  revision: f398044e0432dea7a42ad7df8f56d84fb2980893
  tag: v3.1.5
  specs:
    universal_navigation (3.1.5)
      rails

GIT
  remote: https://github.com/ycorredius/hpricot.git
  revision: 1eb086570a56514348a35402df0199d7652fd169
  specs:
    hpricot (0.8.7)

GEM
  remote: https://rubygems.org/
  specs:
    actioncable (7.1.5.2)
      actionpack (= 7.1.5.2)
      activesupport (= 7.1.5.2)
      nio4r (~> 2.0)
      websocket-driver (>= 0.6.1)
      zeitwerk (~> 2.6)
    actionmailbox (7.1.5.2)
      actionpack (= 7.1.5.2)
      activejob (= 7.1.5.2)
      activerecord (= 7.1.5.2)
      activestorage (= 7.1.5.2)
      activesupport (= 7.1.5.2)
      mail (>= 2.7.1)
      net-imap
      net-pop
      net-smtp
    actionmailer (7.1.5.2)
      actionpack (= 7.1.5.2)
      actionview (= 7.1.5.2)
      activejob (= 7.1.5.2)
      activesupport (= 7.1.5.2)
      mail (~> 2.5, >= 2.5.4)
      net-imap
      net-pop
      net-smtp
      rails-dom-testing (~> 2.2)
    actionpack (7.1.5.2)
      actionview (= 7.1.5.2)
      activesupport (= 7.1.5.2)
      nokogiri (>= 1.8.5)
      racc
      rack (>= 2.2.4)
      rack-session (>= 1.0.1)
      rack-test (>= 0.6.3)
      rails-dom-testing (~> 2.2)
      rails-html-sanitizer (~> 1.6)
    actionpack-page_caching (1.2.4)
      actionpack (>= 4.0.0)
    actiontext (7.1.5.2)
      actionpack (= 7.1.5.2)
      activerecord (= 7.1.5.2)
      activestorage (= 7.1.5.2)
      activesupport (= 7.1.5.2)
      globalid (>= 0.6.0)
      nokogiri (>= 1.8.5)
    actionview (7.1.5.2)
      activesupport (= 7.1.5.2)
      builder (~> 3.1)
      erubi (~> 1.11)
      rails-dom-testing (~> 2.2)
      rails-html-sanitizer (~> 1.6)
    activejob (7.1.5.2)
      activesupport (= 7.1.5.2)
      globalid (>= 0.3.6)
    activemodel (7.1.5.2)
      activesupport (= 7.1.5.2)
    activemodel-serializers-xml (1.0.3)
      activemodel (>= 5.0.0.a)
      activesupport (>= 5.0.0.a)
      builder (~> 3.1)
    activerecord (7.1.5.2)
      activemodel (= 7.1.5.2)
      activesupport (= 7.1.5.2)
      timeout (>= 0.4.0)
    activeresource (6.1.4)
      activemodel (>= 6.0)
      activemodel-serializers-xml (~> 1.0)
      activesupport (>= 6.0)
    activestorage (7.1.5.2)
      actionpack (= 7.1.5.2)
      activejob (= 7.1.5.2)
      activerecord (= 7.1.5.2)
      activesupport (= 7.1.5.2)
      marcel (~> 1.0)
    activesupport (7.1.5.2)
      base64
      benchmark (>= 0.3)
      bigdecimal
      concurrent-ruby (~> 1.0, >= 1.0.2)
      connection_pool (>= 2.2.5)
      drb
      i18n (>= 1.6, < 2)
      logger (>= 1.4.2)
      minitest (>= 5.1)
      mutex_m
      securerandom (>= 0.3)
      tzinfo (~> 2.0)
    addressable (2.8.7)
      public_suffix (>= 2.0.2, < 7.0)
    annotate (3.2.0)
      activerecord (>= 3.2, < 8.0)
      rake (>= 10.4, < 14.0)
    autoprefixer-rails (10.4.21.0)
      execjs (~> 2)
    base64 (0.3.0)
    benchmark (0.4.1)
    bigdecimal (3.2.2)
    bindex (0.8.1)
    bootsnap (1.18.6)
      msgpack (~> 1.2)
    bootstrap-sass (3.4.1)
      autoprefixer-rails (>= 5.2.1)
      sassc (>= 2.0.0)
    builder (3.3.0)
    capybara (3.40.0)
      addressable
      matrix
      mini_mime (>= 0.1.3)
      nokogiri (~> 1.11)
      rack (>= 1.6.0)
      rack-test (>= 0.6.3)
      regexp_parser (>= 1.5, < 3.0)
      xpath (~> 3.2)
    concurrent-ruby (1.3.5)
    connection_pool (2.5.3)
    crass (1.0.6)
    daemons (1.4.1)
    date (3.4.1)
    debug (1.10.0)
      irb (~> 1.10)
      reline (>= 0.3.8)
    delayed_job (4.1.13)
      activesupport (>= 3.0, < 9.0)
    delayed_job_active_record (4.1.11)
      activerecord (>= 3.0, < 9.0)
      delayed_job (>= 3.0, < 5)
    drb (2.2.3)
    dynamic_form (1.3.1)
      actionview (> 5.2.0)
      activemodel (> 5.2.0)
    erb (5.0.2)
    erubi (1.13.1)
    event_stream_parser (1.0.0)
    exception_notification (5.0.0)
      actionmailer (>= 7.1, < 9)
      activesupport (>= 7.1, < 9)
    execjs (2.10.0)
    faraday (2.12.2)
      faraday-net_http (>= 2.0, < 3.5)
      json
      logger
    faraday-multipart (1.1.1)
      multipart-post (~> 2.0)
    faraday-net_http (3.4.0)
      net-http (>= 0.5.0)
    ffi (1.17.2)
    ffi (1.17.2-aarch64-linux-gnu)
    ffi (1.17.2-x86_64-linux-gnu)
    globalid (1.2.1)
      activesupport (>= 6.1)
    i18n (1.14.7)
      concurrent-ruby (~> 1.0)
    io-console (0.8.1)
    irb (1.15.2)
      pp (>= 0.6.0)
      rdoc (>= 4.0.0)
      reline (>= 0.4.2)
    jbuilder (2.13.0)
      actionview (>= 5.0.0)
      activesupport (>= 5.0.0)
    jquery-rails (4.6.0)
      rails-dom-testing (>= 1, < 3)
      railties (>= 4.2.0)
      thor (>= 0.14, < 2.0)
    json (2.10.2)
    logger (1.7.0)
    loofah (2.24.1)
      crass (~> 1.0.2)
      nokogiri (>= 1.12.0)
    mail (2.8.1)
      mini_mime (>= 0.1.1)
      net-imap
      net-pop
      net-smtp
    marcel (1.0.4)
    matrix (0.4.2)
    memcache-client (1.8.5)
    mini_mime (1.1.5)
    mini_portile2 (2.8.9)
    minitest (5.25.5)
    msgpack (1.8.0)
    multipart-post (2.4.1)
    mutex_m (0.3.0)
    net-http (0.6.0)
      uri
    net-imap (0.5.9)
      date
      net-protocol
    net-pop (0.1.2)
      net-protocol
    net-protocol (0.2.2)
      timeout
    net-smtp (0.5.1)
      net-protocol
    newrelic_rpm (9.16.1)
    nio4r (2.7.4)
    nokogiri (1.18.9)
      mini_portile2 (~> 2.8.2)
      racc (~> 1.4)
    nokogiri (1.18.9-aarch64-linux-gnu)
      racc (~> 1.4)
    nokogiri (1.18.9-x86_64-linux-gnu)
      racc (~> 1.4)
    pg (1.5.9)
    pp (0.6.2)
      prettyprint
    prettyprint (0.2.0)
    psych (5.2.6)
      date
      stringio
    public_suffix (6.0.1)
    puma (6.6.0)
      nio4r (~> 2.0)
    racc (1.8.1)
    rack (3.2.0)
    rack-openid (1.4.2)
      rack (>= 1.1.0)
      ruby-openid (>= 2.1.8)
    rack-proxy (0.7.7)
      rack
    rack-session (2.1.1)
      base64 (>= 0.1.0)
      rack (>= 3.0.0)
    rack-test (2.2.0)
      rack (>= 1.3)
    rackup (2.2.1)
      rack (>= 3)
    rails (7.1.5.2)
      actioncable (= 7.1.5.2)
      actionmailbox (= 7.1.5.2)
      actionmailer (= 7.1.5.2)
      actionpack (= 7.1.5.2)
      actiontext (= 7.1.5.2)
      actionview (= 7.1.5.2)
      activejob (= 7.1.5.2)
      activemodel (= 7.1.5.2)
      activerecord (= 7.1.5.2)
      activestorage (= 7.1.5.2)
      activesupport (= 7.1.5.2)
      bundler (>= 1.15.0)
      railties (= 7.1.5.2)
    rails-dom-testing (2.3.0)
      activesupport (>= 5.0.0)
      minitest
      nokogiri (>= 1.6)
    rails-html-sanitizer (1.6.2)
      loofah (~> 2.21)
      nokogiri (>= 1.15.7, != 1.16.7, != 1.16.6, != 1.16.5, != 1.16.4, != 1.16.3, != 1.16.2, != 1.16.1, != 1.16.0.rc1, != 1.16.0)
    railties (7.1.5.2)
      actionpack (= 7.1.5.2)
      activesupport (= 7.1.5.2)
      irb
      rackup (>= 1.0.0)
      rake (>= 12.2)
      thor (~> 1.0, >= 1.2.2)
      zeitwerk (~> 2.6)
    rake (13.3.0)
    rdoc (6.14.2)
      erb
      psych (>= 4.0.0)
    regexp_parser (2.10.0)
    reline (0.6.2)
      io-console (~> 0.5)
    rexml (3.4.0)
    rsolr (2.0.2)
      builder (>= 2.1.2)
      faraday
    ruby-openai (8.1.0)
      event_stream_parser (>= 0.3.0, < 2.0.0)
      faraday (>= 1)
      faraday-multipart (>= 1)
    ruby-openid (2.9.2)
    rubyzip (2.4.1)
    sass-rails (6.0.0)
      sassc-rails (~> 2.1, >= 2.1.1)
    sassc (2.4.0)
      ffi (~> 1.9)
    sassc-rails (2.1.2)
      railties (>= 4.0.0)
      sassc (>= 2.0)
      sprockets (> 3.0)
      sprockets-rails
      tilt
    securerandom (0.4.1)
    selenium-webdriver (4.10.0)
      rexml (~> 3.2, >= 3.2.5)
      rubyzip (>= 1.2.2, < 3.0)
      websocket (~> 1.0)
    semantic_range (3.1.0)
    shakapacker (6.6.0)
      activesupport (>= 5.2)
      rack-proxy (>= 0.6.1)
      railties (>= 5.2)
      semantic_range (>= 2.3.0)
    spawnling (2.1.6)
    sprockets (4.2.1)
      concurrent-ruby (~> 1.0)
      rack (>= 2.2.4, < 4)
    sprockets-rails (3.5.2)
      actionpack (>= 6.1)
      activesupport (>= 6.1)
      sprockets (>= 3.0.0)
    stringio (3.1.7)
    thor (1.4.0)
    tilt (2.6.0)
    timeout (0.4.3)
    tinymce-rails (7.6.1)
      railties (>= 3.1.1)
    tzinfo (2.0.6)
      concurrent-ruby (~> 1.0)
    uri (1.0.3)
    web-console (4.2.1)
      actionview (>= 6.0.0)
      activemodel (>= 6.0.0)
      bindex (>= 0.4.0)
      railties (>= 6.0.0)
    webdrivers (5.3.1)
      nokogiri (~> 1.6)
      rubyzip (>= 1.3.0)
      selenium-webdriver (~> 4.0, < 4.11)
    websocket (1.2.11)
    websocket-driver (0.8.0)
      base64
      websocket-extensions (>= 0.1.0)
    websocket-extensions (0.1.5)
    will_paginate (4.0.1)
    xpath (3.2.0)
      nokogiri (~> 1.8)
    zeitwerk (2.7.3)

PLATFORMS
  aarch64-linux
  ruby
  x86_64-linux

DEPENDENCIES
  actionpack-action_caching!
  actionpack-page_caching
  active_resource_extensions (= 2.2.7)!
  activeresource
  acts_as_family_tree (= 1.2.8)!
  authenticated_system (= 2.4.6)!
  bootstrap-sass
  capybara
  complex_dates (= 2.4.3)!
  complex_scripts (= 3.2.3)!
  debug
  delayed_job_active_record
  dictionary_to_terms (= 0.4.2)!
  dynamic_form
  ffi-icu (= 0.5.4)!
  flare (= 1.4.5)!
  hpricot!
  interface_utils (= 2.4.3)!
  jquery-rails
  jquery-ui-rails (= 7.0.0)!
  kmaps_engine (= 6.9.1)!
  mms_integration (= 2.4.6)!
  newrelic_rpm
  places_integration (= 2.2.8)!
  rack-openid
  rails (~> 7.1.1)
  rails-observers!
  resource_controller (= 0.9.5)!
  restful-authentication (= 2.0.0.beta1)!
  sass-rails
  selenium-webdriver
  shakapacker (~> 6.5)
  shanti_integration (= 3.6.7)!
  spawnling
  subjects_integration (= 0.3.4)!
  terms_engine (= 1.9.2)!
  tinymce-rails
  tzinfo-data
  universal_navigation (= 3.1.5)!
  web-console
  webdrivers
  will_paginate

RUBY VERSION
   ruby 3.2.2p53

BUNDLED WITH
   2.4.21
